GEM
  remote: http://rubygems.org/
  specs:
    abstract (1.0.0)
    actionmailer (3.0.14)
      actionpack (= 3.0.14)
      mail (~> 2.2.19)
    actionpack (3.0.14)
      activemodel (= 3.0.14)
      activesupport (= 3.0.14)
      builder (~> 2.1.2)
      erubis (~> 2.6.6)
      i18n (~> 0.5.0)
      rack (~> 1.2.5)
      rack-mount (~> 0.6.14)
      rack-test (~> 0.5.7)
      tzinfo (~> 0.3.23)
    activemodel (3.0.14)
      activesupport (= 3.0.14)
      builder (~> 2.1.2)
      i18n (~> 0.5.0)
    activerecord (3.0.14)
      activemodel (= 3.0.14)
      activesupport (= 3.0.14)
      arel (~> 2.0.10)
      tzinfo (~> 0.3.23)
    activeresource (3.0.14)
      activemodel (= 3.0.14)
      activesupport (= 3.0.14)
    activesupport (3.0.14)
    acts-as-taggable-on (2.3.3)
      rails (~> 3.0)
    arel (2.0.10)
    bluecloth (2.2.0)
    builder (2.1.2)
    capistrano (2.12.0)
      highline
      net-scp (>= 1.0.0)
      net-sftp (>= 2.0.0)
      net-ssh (>= 2.0.14)
      net-ssh-gateway (>= 1.1.0)
    capistrano-ext (1.2.1)
      capistrano (>= 1.0.0)
    columnize (0.3.6)
    diff-lcs (1.1.3)
    erubis (2.6.6)
      abstract (>= 1.0.0)
    exception_notification (2.6.1)
      actionmailer (>= 3.0.4)
    factory_girl (2.6.4)
      activesupport (>= 2.3.9)
    factory_girl_rails (1.7.0)
      factory_girl (~> 2.6.0)
      railties (>= 3.0.0)
    fattr (2.2.1)
    formtastic (2.0.2)
      rails (~> 3.0)
    geokit (1.6.5)
      multi_json
    highline (1.6.13)
    htmlentities (4.3.1)
    httparty (0.8.3)
      multi_json (~> 1.0)
      multi_xml
    i18n (0.5.0)
    jquery-rails (1.0.19)
      railties (~> 3.0)
      thor (~> 0.14)
    json (1.7.4)
    loofah (1.2.1)
      nokogiri (>= 1.4.4)
    loofah-activerecord (1.0.0)
      loofah (>= 1.0.0)
    mail (2.2.19)
      activesupport (>= 2.3.6)
      i18n (>= 0.4.0)
      mime-types (~> 1.16)
      treetop (~> 1.4.8)
    mime-types (1.19)
    multi_json (1.3.6)
    multi_xml (0.5.1)
    net-scp (1.0.4)
      net-ssh (>= 1.99.1)
    net-sftp (2.0.5)
      net-ssh (>= 2.0.9)
    net-ssh (2.5.2)
    net-ssh-gateway (1.1.0)
      net-ssh (>= 1.99.1)
    nokogiri (1.5.5)
    options (2.3.0)
      fattr
    paper_trail (2.6.3)
      activerecord (~> 3.0)
      railties (~> 3.0)
    paper_trail_manager (0.1.4)
      paper_trail (~> 2.0)
      rails (~> 3.0)
      will_paginate (~> 3.0.pre2)
    pg (0.14.0)
    polyglot (0.3.3)
    progress_bar (0.4.0)
      highline (~> 1.6.1)
      options (~> 2.3.0)
    rack (1.2.5)
    rack-mount (0.6.14)
      rack (>= 1.0.0)
    rack-test (0.5.7)
      rack (>= 1.0)
    rails (3.0.14)
      actionmailer (= 3.0.14)
      actionpack (= 3.0.14)
      activerecord (= 3.0.14)
      activeresource (= 3.0.14)
      activesupport (= 3.0.14)
      bundler (~> 1.0)
      railties (= 3.0.14)
    railties (3.0.14)
      actionpack (= 3.0.14)
      activesupport (= 3.0.14)
      rake (>= 0.8.7)
      rdoc (~> 3.4)
      thor (~> 0.14.4)
    rake (0.9.2.2)
    rdoc (3.12)
      json (~> 1.4)
    ri_cal (0.8.8)
    rspec (2.11.0)
      rspec-core (~> 2.11.0)
      rspec-expectations (~> 2.11.0)
      rspec-mocks (~> 2.11.0)
    rspec-core (2.11.1)
    rspec-expectations (2.11.2)
      diff-lcs (~> 1.1.3)
    rspec-mocks (2.11.1)
    rspec-rails (2.11.0)
      actionpack (>= 3.0)
      activesupport (>= 3.0)
      railties (>= 3.0)
      rspec (~> 2.11.0)
    rubyzip (0.9.9)
    themes_for_rails (0.5.1)
      rails (>= 3.0.0)
    thor (0.14.6)
    treetop (1.4.10)
      polyglot
      polyglot (>= 0.3.1)
    tzinfo (0.3.33)
    validation_reflection (1.0.0)
    webrat (0.7.3)
      nokogiri (>= 1.2.0)
      rack (>= 1.0)
      rack-test (>= 0.5.3)
    will_paginate (3.0.3)

PLATFORMS
  ruby

DEPENDENCIES
  activerecord-jdbc-adapter
  activerecord-jdbcsqlite3-adapter
  acts-as-taggable-on (= 2.3.3)
  bluecloth (= 2.2.0)
  capistrano (= 2.12.0)
  capistrano-ext (= 1.2.1)
  columnize (= 0.3.6)
  exception_notification (= 2.6.1)
  factory_girl_rails (= 1.7.0)
  formtastic (= 2.0.2)
  geokit (= 1.6.5)
  htmlentities (= 4.3.1)
  httparty (= 0.8.3)
  jdbc-sqlite3
  jquery-rails (= 1.0.19)
  jruby-openssl
  jruby-rack
  loofah (= 1.2.1)
  loofah-activerecord (= 1.0.0)
  multi_json
  paper_trail (= 2.6.3)
  paper_trail_manager (= 0.1.4)
  pg
  progress_bar (= 0.4.0)
  rails (= 3.0.14)
  rdoc (= 3.12)
  ri_cal (= 0.8.8)
  rspec-rails (= 2.11.0)
  rubyzip (= 0.9.9)
  themes_for_rails (= 0.5.1)
  validation_reflection (= 1.0.0)
  warbler
  webrat (= 0.7.3)
  will_paginate (= 3.0.3)
