GEM
  remote: http://rubygems.org/
  specs:
    abstract (1.0.0)
    actionmailer (3.0.10)
      actionpack (= 3.0.10)
      mail (~> 2.2.19)
    actionpack (3.0.10)
      activemodel (= 3.0.10)
      activesupport (= 3.0.10)
      builder (~> 2.1.2)
      erubis (~> 2.6.6)
      i18n (~> 0.5.0)
      rack (~> 1.2.1)
      rack-mount (~> 0.6.14)
      rack-test (~> 0.5.7)
      tzinfo (~> 0.3.23)
    activemodel (3.0.10)
      activesupport (= 3.0.10)
      builder (~> 2.1.2)
      i18n (~> 0.5.0)
    activerecord (3.0.10)
      activemodel (= 3.0.10)
      activesupport (= 3.0.10)
      arel (~> 2.0.10)
      tzinfo (~> 0.3.23)
    activeresource (3.0.10)
      activemodel (= 3.0.10)
      activesupport (= 3.0.10)
    activesupport (3.0.10)
    acts-as-taggable-on (2.0.6)
    archive-tar-minitar (0.5.2)
    arel (2.0.10)
    bluecloth (2.1.0)
    builder (2.1.2)
    columnize (0.3.4)
    diff-lcs (1.1.3)
    erubis (2.6.6)
      abstract (>= 1.0.0)
    exception_notification (2.4.1)
    factory_girl (1.3.3)
    factory_girl_rails (1.0.1)
      factory_girl (~> 1.3)
      railties (>= 3.0.0)
    formtastic (2.0.0.rc3)
      rails (~> 3.0)
    geokit (1.5.0)
    htmlentities (4.2.3)
    httparty (0.8.1)
      multi_json
      multi_xml
    i18n (0.5.0)
    jquery-rails (1.0.12)
      railties (~> 3.0)
      thor (~> 0.14)
    linecache (0.46)
      rbx-require-relative (> 0.0.4)
    linecache19 (0.5.12)
      ruby_core_source (>= 0.1.4)
    loofah (1.0.0)
      nokogiri (>= 1.3.3)
    loofah-activerecord (1.0.0)
      loofah (>= 1.0.0)
    mail (2.2.19)
      activesupport (>= 2.3.6)
      i18n (>= 0.4.0)
      mime-types (~> 1.16)
      treetop (~> 1.4.8)
    mime-types (1.16)
    multi_json (1.0.3)
    multi_xml (0.4.1)
    nokogiri (1.5.0)
    paper_trail (2.2.4)
      rails (~> 3)
    paper_trail_manager (0.1.4)
      paper_trail (~> 2.0)
      rails (~> 3.0)
      will_paginate (~> 3.0.pre2)
    pg (0.11.0)
    polyglot (0.3.2)
    rack (1.2.4)
    rack-mount (0.6.14)
      rack (>= 1.0.0)
    rack-test (0.5.7)
      rack (>= 1.0)
    rails (3.0.10)
      actionmailer (= 3.0.10)
      actionpack (= 3.0.10)
      activerecord (= 3.0.10)
      activeresource (= 3.0.10)
      activesupport (= 3.0.10)
      bundler (~> 1.0)
      railties (= 3.0.10)
    railties (3.0.10)
      actionpack (= 3.0.10)
      activesupport (= 3.0.10)
      rake (>= 0.8.7)
      rdoc (~> 3.4)
      thor (~> 0.14.4)
    rake (0.8.7)
    rbx-require-relative (0.0.5)
    rcov (0.9.9)
    rdoc (3.8)
    ri_cal (0.8.8)
    rspec (2.6.0)
      rspec-core (~> 2.6.0)
      rspec-expectations (~> 2.6.0)
      rspec-mocks (~> 2.6.0)
    rspec-core (2.6.4)
    rspec-expectations (2.6.0)
      diff-lcs (~> 1.1.2)
    rspec-mocks (2.6.0)
    rspec-rails (2.6.0)
      actionpack (~> 3.0)
      activesupport (~> 3.0)
      railties (~> 3.0)
      rspec (~> 2.6.0)
    ruby-debug (0.10.4)
      columnize (>= 0.1)
      ruby-debug-base (~> 0.10.4.0)
    ruby-debug-base (0.10.4)
      linecache (>= 0.3)
    ruby-debug-base19 (0.11.25)
      columnize (>= 0.3.1)
      linecache19 (>= 0.5.11)
      ruby_core_source (>= 0.1.4)
    ruby-debug19 (0.11.6)
      columnize (>= 0.3.1)
      linecache19 (>= 0.5.11)
      ruby-debug-base19 (>= 0.11.19)
    ruby_core_source (0.1.5)
      archive-tar-minitar (>= 0.5.2)
    rubyzip (0.9.4)
    themes_for_rails (0.4.2)
      rails (~> 3.0.0)
      themes_for_rails
    thor (0.14.6)
    treetop (1.4.10)
      polyglot
      polyglot (>= 0.3.1)
    tzinfo (0.3.30)
    validation_reflection (1.0.0)
    webrat (0.7.3)
      nokogiri (>= 1.2.0)
      rack (>= 1.0)
      rack-test (>= 0.5.3)
    will_paginate (3.0.pre2)

PLATFORMS
  ruby

DEPENDENCIES
  acts-as-taggable-on (= 2.0.6)
  bluecloth (= 2.1.0)
  columnize (= 0.3.4)
  exception_notification (= 2.4.1)
  factory_girl_rails (= 1.0.1)
  formtastic (= 2.0.0.rc3)
  geokit (= 1.5.0)
  htmlentities (= 4.2.3)
  httparty (= 0.8.1)
  jquery-rails (= 1.0.12)
  loofah (= 1.0.0)
  loofah-activerecord (= 1.0.0)
  multi_json
  paper_trail (= 2.2.4)
  paper_trail_manager
  pg
  rails (= 3.0.10)
  rake (~> 0.8.7)
  rcov (= 0.9.9)
  rdoc (= 3.8)
  ri_cal (= 0.8.8)
  rspec-rails (= 2.6.0)
  ruby-debug
  ruby-debug19
  rubyzip (= 0.9.4)
  themes_for_rails (= 0.4.2)
  validation_reflection (= 1.0.0)
  webrat (= 0.7.3)
  will_paginate (= 3.0.pre2)
